GIT
  remote: git://github.com/jtrupiano/rack-rewrite.git
  revision: 2c916d9880c7e8cdefb9a93262d65298de08d86f
  specs:
    rack-rewrite (1.0.3.a)

GIT
  remote: git://github.com/rack/rack-contrib.git
  revision: 3f004dd2d8e3f62c0d0837f149f44caaffe16a6e
  specs:
    rack-contrib (1.1.0)
      rack (>= 0.9.1)

GEM
  specs:
    rack (1.2.2)

PLATFORMS
  ruby

DEPENDENCIES
  rack
  rack-contrib!
  rack-rewrite!
